GEM
  remote: https://rubygems.org/
  specs:
    coffee-script (2.2.0)
      coffee-script-source
      execjs
    coffee-script-source (1.6.2)
    execjs (1.4.0)
      multi_json (~> 1.0)
    haml (4.0.2)
      tilt
    haml-coffee (0.1.0)
      coffee-script
      execjs
    libv8 (3.11.8.17)
    multi_json (1.7.2)
    ref (1.0.4)
    therubyracer (0.11.4)
      libv8 (~> 3.11.8.12)
      ref
    tilt (1.3.7)

PLATFORMS
  ruby

DEPENDENCIES
  haml
  haml-coffee
  therubyracer
