GEM
  remote: https://rubygems.org/
  specs:
    coffee-script (2.3.0)
      coffee-script-source
      execjs
    coffee-script-source (1.8.0)
    execjs (2.2.2)
    haml (4.0.6)
      tilt
    haml-coffee (0.1.0)
      coffee-script
      execjs
    libv8 (3.16.14.7)
    ref (1.0.5)
    therubyracer (0.12.1)
      libv8 (~> 3.16.14.0)
      ref
    tilt (2.0.1)

PLATFORMS
  ruby

DEPENDENCIES
  haml
  haml-coffee
  therubyracer
